GIT
  remote: git://github.com/sinatra/sinatra.git
  revision: 89c6a38a1554e6ef14c9db3ef3c83982f5cea5c7
  specs:
    sinatra (1.3.0)
      rack (~> 1.3)
      tilt (~> 1.3)

GEM
  remote: http://rubygems.org/
  specs:
    daemons (1.1.3)
    eventmachine (0.12.10)
    rack (1.3.0)
    thin (1.2.11)
      daemons (>= 1.0.9)
      eventmachine (>= 0.12.6)
      rack (>= 1.0.0)
    tilt (1.3.2)

PLATFORMS
  ruby

DEPENDENCIES
  sinatra!
  thin
