GIT
  remote: git://github.com/postrank-labs/goliath.git
  revision: f679b536247486f6215916b22a91b45459ebe77f
  specs:
    goliath (0.9.1)
      async-rack
      em-synchrony (>= 0.3.0.beta.1)
      eventmachine (>= 1.0.0.beta.3)
      http_parser.rb
      log4r
      multi_json
      rack (>= 1.2.2)
      rack-contrib
      rack-respond_to

GEM
  remote: http://rubygems.org/
  specs:
    async-rack (0.5.1)
      rack (~> 1.1)
    em-synchrony (0.3.0.beta.1)
      eventmachine (>= 1.0.0.beta.1)
    eventmachine (1.0.0.beta.3)
    eventmachine (1.0.0.beta.3-java)
    http_parser.rb (0.5.1)
    http_parser.rb (0.5.1-java)
    log4r (1.1.9)
    multi_json (1.0.3)
    rack (1.3.0)
    rack-accept-media-types (0.9)
    rack-contrib (1.1.0)
      rack (>= 0.9.1)
    rack-respond_to (0.9.8)
      rack-accept-media-types (>= 0.6)

PLATFORMS
  java
  ruby

DEPENDENCIES
  goliath!
