GIT
  remote: git://github.com/kfaustino/zync.git
  revision: 1f928ba549dc4b779b720312d254b2ad2aeee0ba
  specs:
    zync (0.1.0)
      activesupport (~> 3.0.5)
      eventmachine (~> 1.0.0.beta.2)
      i18n
      rack (~> 1.2.1)
      rack-mount (~> 0.6.13)

GEM
  remote: http://rubygems.org/
  specs:
    activesupport (3.0.7)
    daemons (1.1.3)
    eventmachine (1.0.0.beta.3)
    i18n (0.6.0)
    rack (1.2.3)
    rack-mount (0.6.14)
      rack (>= 1.0.0)
    thin (1.2.11)
      daemons (>= 1.0.9)
      eventmachine (>= 0.12.6)
      rack (>= 1.0.0)

PLATFORMS
  ruby

DEPENDENCIES
  eventmachine
  thin
  zync!
